GEM
  remote: http://rubygems.org/
  specs:
    ffi (1.0.11)
    guard (1.0.1)
      ffi (>= 0.5.0)
      thor (~> 0.14.6)
    guard-minitest (0.5.0)
      guard (>= 0.4)
    minitest (2.11.4)
    thor (0.14.6)

PLATFORMS
  ruby

DEPENDENCIES
  guard-minitest
  minitest
